GEM
  remote: http://rubygems.org/
  specs:
    ParseTree (3.0.7)
      RubyInline (>= 3.7.0)
      sexp_processor (>= 3.0.0)
    RubyInline (3.9.0)
      ZenTest (~> 4.3)
    ZenTest (4.6.2)
    addressable (2.2.6)
    archive-tar-minitar (0.5.2)
    async-rack (0.5.1)
      rack (~> 1.1)
    columnize (0.3.4)
    crack (0.1.8)
    daemons (1.1.4)
    dalli (1.0.5)
    diff-lcs (1.1.2)
    em-http-request (1.0.0.beta.4)
      addressable (>= 2.2.3)
      em-socksify
      eventmachine (>= 1.0.0.beta.3)
      http_parser.rb (>= 0.5.1)
    em-resolv-replace (1.1.1)
    em-socksify (0.1.0)
      eventmachine
    em-synchrony (0.3.0.beta.1)
      eventmachine (>= 1.0.0.beta.1)
    erubis (2.7.0)
    eventmachine (1.0.0.beta.3)
    faraday (0.7.4)
      addressable (~> 2.2.6)
      multipart-post (~> 1.1.0)
      rack (< 2, >= 1.1.0)
    file-tail (1.0.6)
      spruz (~> 0.2)
    http_parser.rb (0.5.1)
    linecache19 (0.5.12)
      ruby_core_source (>= 0.1.4)
    multipart-post (1.1.3)
    predicated (0.2.6)
    rack (1.3.2)
    rack-fiber_pool (0.9.2)
    rack-test (0.5.6)
      rack (>= 1.0)
    rake (0.9.2)
    ruby-debug-base19 (0.11.25)
      columnize (>= 0.3.1)
      linecache19 (>= 0.5.11)
      ruby_core_source (>= 0.1.4)
    ruby-debug19 (0.11.6)
      columnize (>= 0.3.1)
      linecache19 (>= 0.5.11)
      ruby-debug-base19 (>= 0.11.19)
    ruby2ruby (1.2.5)
      ruby_parser (~> 2.0)
      sexp_processor (~> 3.0)
    ruby_core_source (0.1.5)
      archive-tar-minitar (>= 0.5.2)
    ruby_parser (2.0.6)
      sexp_processor (~> 3.0)
    sexp_processor (3.0.6)
    shotgun (0.9)
      rack (>= 1.0)
    sinatra (1.2.6)
      rack (~> 1.1)
      tilt (< 2.0, >= 1.2.2)
    sinatra-flash (0.3.0)
      sinatra (>= 1.0.0)
    sinatra-namespace (0.6.1)
      sinatra (~> 1.1)
    sinatra-synchrony (0.2.0.beta.1)
      async-rack (>= 0.5.1)
      em-http-request (= 1.0.0.beta.4)
      em-resolv-replace (>= 1.1.1)
      em-synchrony (= 0.3.0.beta.1)
      eventmachine (= 1.0.0.beta.3)
      rack-fiber_pool (= 0.9.2)
      sinatra (>= 1.0)
    sourcify (0.5.0)
      file-tail (>= 1.0.5)
      ruby2ruby (>= 1.2.5)
      ruby_parser (>= 2.0.5)
      sexp_processor (>= 3.0.5)
    spruz (0.2.13)
    thin (1.2.11)
      daemons (>= 1.0.9)
      eventmachine (>= 0.12.6)
      rack (>= 1.0.0)
    tilt (1.3.3)
    webmock (1.7.4)
      addressable (> 2.2.5, ~> 2.2)
      crack (>= 0.1.7)
    wrong (0.5.0)
      ParseTree (~> 3.0)
      diff-lcs (~> 1.1.2)
      file-tail (~> 1.0)
      predicated (>= 0.2.2)
      ruby2ruby (~> 1.2)
      ruby_parser (~> 2.0.4)
      sexp_processor (~> 3.0)
      sourcify (>= 0.3.0)
    yajl-ruby (0.8.2)

PLATFORMS
  ruby

DEPENDENCIES
  dalli (= 1.0.5)
  erubis (= 2.7.0)
  faraday (= 0.7.4)
  rack-test (= 0.5.6)
  rake (= 0.9.2)
  ruby-debug19
  shotgun
  sinatra (= 1.2.6)
  sinatra-flash (= 0.3.0)
  sinatra-namespace (= 0.6.1)
  sinatra-synchrony (= 0.2.0.beta.1)
  thin (= 1.2.11)
  webmock (= 1.7.4)
  wrong (= 0.5.0)
  yajl-ruby (= 0.8.2)
